GEM
  remote: http://rubygems.org/
  specs:
    chunky_png (1.2.6)
    compass (0.13.alpha.0)
      chunky_png (~> 1.2)
      fssm (>= 0.2.7)
      sass (~> 3.2.0.alpha.93)
    fssm (0.2.9)
    oily_png (1.0.2)
      chunky_png (~> 1.2.1)
    sass (3.2.2)
    terminal-notifier (1.4.2)

PLATFORMS
  ruby

DEPENDENCIES
  compass (>= 0.13.alpha.0)
  oily_png
  terminal-notifier
